GEM
  remote: https://rubygems.org/
  specs:
    mini_portile2 (2.5.1)
    nokogiri (1.11.4)
      mini_portile2 (~> 2.5.0)
      racc (~> 1.4)
    nokogiri (1.11.4-x86_64-darwin)
      racc (~> 1.4)
    racc (1.5.2)
    sequel (5.23.0)
    sqlite3 (1.4.1)

PLATFORMS
  ruby
  x86_64-darwin-17
  x86_64-darwin-18

DEPENDENCIES
  nokogiri (~> 1.11.4)
  sequel (~> 5.23.0)
  sqlite3 (~> 1.4)

BUNDLED WITH
   1.17.2
