GEM
  remote: https://rubygems.org/
  specs:
    mini_portile2 (2.3.0)
    nokogiri (1.8.5)
      mini_portile2 (~> 2.3.0)
    sequel (5.23.0)
    sqlite3 (1.4.1)

PLATFORMS
  ruby
  x86_64-darwin-17
  x86_64-darwin-18

DEPENDENCIES
  nokogiri (~> 1.8.5)
  sequel (~> 5.23.0)
  sqlite3 (~> 1.4)

BUNDLED WITH
   1.17.2
